GEM
  remote: https://rubygems.org/
  specs:
<<<<<<< HEAD
    rack (1.6.5)
    rack-protection (1.5.3)
      rack
    shotgun (0.9.2)
      rack (>= 1.0)
    sinatra (1.4.8)
      rack (~> 1.5)
      rack-protection (~> 1.4)
      tilt (>= 1.3, < 3)
    sqlite3 (1.3.13)
    tilt (2.0.7)
=======
    coderay (1.1.2)
    method_source (0.9.0)
    mustermann (1.0.2)
    pry (0.11.3)
      coderay (~> 1.1.0)
      method_source (~> 0.9.0)
    rack (2.0.5)
    rack-protection (2.0.3)
      rack
    shotgun (0.9.2)
      rack (>= 1.0)
    sinatra (2.0.3)
      mustermann (~> 1.0)
      rack (~> 2.0)
      rack-protection (= 2.0.3)
      tilt (~> 2.0)
    sqlite3 (1.3.13)
    tilt (2.0.8)
>>>>>>> vulnerability

PLATFORMS
  ruby

DEPENDENCIES
<<<<<<< HEAD
=======
  pry
>>>>>>> vulnerability
  shotgun
  sinatra
  sqlite3

BUNDLED WITH
<<<<<<< HEAD
   1.14.6
=======
   1.16.0
>>>>>>> vulnerability
